GEM
  remote: http://rubygems.org/
  specs:
    addressable (2.2.6)
    coderay (1.0.5)
    daemon_controller (0.2.6)
    faraday (0.7.6)
      addressable (~> 2.2)
      multipart-post (~> 1.1)
      rack (~> 1.1)
    fastthread (1.0.7)
    github_api (0.4.2)
      faraday (~> 0.7.4)
      hashie (~> 1.2.0)
      multi_json (~> 1.0.3)
      oauth2 (~> 0.5.0)
    haml (3.1.4)
    hashie (1.2.0)
    json (1.6.5)
    method_source (0.7.0)
    mime-types (1.17.2)
    minitest (2.11.0)
    multi_json (1.0.4)
    multipart-post (1.1.4)
    oauth2 (0.5.2)
      faraday (~> 0.7)
      multi_json (~> 1.0)
    passenger (3.0.11)
      daemon_controller (>= 0.2.5)
      fastthread (>= 1.0.1)
      rack
      rake (>= 0.8.1)
    pry (0.9.8.1)
      coderay (~> 1.0.5)
      method_source (~> 0.7)
      slop (>= 2.4.3, < 3)
    pry-doc (0.4.0)
      pry (>= 0.9.0)
      yard (~> 0.7.4)
    rack (1.4.1)
    rack-protection (1.2.0)
      rack
    rake (0.9.2.2)
    sinatra (1.3.2)
      rack (~> 1.3, >= 1.3.6)
      rack-protection (~> 1.2)
      tilt (~> 1.3, >= 1.3.3)
    slop (2.4.3)
    tilt (1.3.3)
    typhoeus (0.3.3)
      mime-types
    yard (0.7.5)

PLATFORMS
  ruby

DEPENDENCIES
  github_api
  haml
  json
  minitest
  passenger
  pry-doc
  sinatra
  typhoeus
